GEM
  remote: https://rubygems.org/
  specs:
    chronic (0.10.2)
    colorize (0.7.7)
    icalendar (2.3.0)
    ice_cube (0.14.0)
    mini_portile2 (2.0.0)
    nokogiri (1.6.7.2)
      mini_portile2 (~> 2.0.0.rc2)
    terminal-table (1.5.2)

PLATFORMS
  ruby

DEPENDENCIES
  chronic (>= 0.10.2)
  colorize (>= 0.7.7)
  icalendar (= 2.3.0)
  ice_cube (= 0.14.0)
  nokogiri (= 1.6.7.2)
  terminal-table (= 1.5.2)

BUNDLED WITH
   1.11.2
